GEM
  remote: http://rubygems.org/
  specs:
    addressable (2.2.7)
    archive-zip (0.4.0)
      io-like (>= 0.3.0)
    coderay (0.9.8)
    daemons (1.1.8)
    eventmachine (0.12.10)
    haml (3.1.4)
    highline (1.6.11)
    hpricot (0.8.6)
    io-like (0.3.0)
    json (1.6.5)
    launchy (2.0.5)
      addressable (~> 2.2.6)
    milkode (0.4.0)
      archive-zip (>= 0.4.0)
      coderay (= 0.9.8)
      haml (>= 3.1.2)
      hpricot (>= 0.8.2)
      launchy (>= 0.3.7)
      nokogiri (>= 1.5.0)
      rack (>= 1.3.4)
      rroonga (>= 1.1.0)
      sass (>= 3.1.3)
      sinatra (>= 1.2.6)
      termcolor (>= 1.2.0)
      thin (>= 1.2.10)
    nokogiri (1.5.0)
    pkg-config (1.1.3)
    rack (1.4.1)
    rack-protection (1.2.0)
      rack
    rake (0.9.2.2)
    rroonga (1.3.1)
      json
      pkg-config
    sass (3.1.15)
    sinatra (1.3.2)
      rack (~> 1.3, >= 1.3.6)
      rack-protection (~> 1.2)
      tilt (~> 1.3, >= 1.3.3)
    termcolor (1.2.1)
      highline (>= 1.5.0)
    thin (1.3.1)
      daemons (>= 1.0.9)
      eventmachine (>= 0.12.6)
      rack (>= 1.0.0)
    tilt (1.3.3)

PLATFORMS
  ruby

DEPENDENCIES
  bundler (~> 1.0.22)
  milkode (= 0.4.0)
  rake
  sinatra
